FRAMEWORK: NET45
NUGET
  remote: https://www.nuget.org/api/v2
    ExtCore (0.8.46)
    FAKE (4.50)
    Fantomas (2.4)
      FSharp.Compiler.Service (>= 8.0)
    FSharp.Compiler.CodeDom (0.9.2)
    FSharp.Compiler.Service (8.0)
      System.Collections.Immutable (>= 1.2)
      System.Reflection.Metadata (>= 1.4.1-beta-24227-04)
    FSharp.Core (4.0.0.1)
    Mono.Cecil (0.9.6.4)
    Newtonsoft.Json (9.0.1)
    System.Collections.Immutable (1.3.1)
    System.Reactive.Core (3.1.1)
      System.Reactive.Interfaces (>= 3.1.1)
    System.Reactive.Interfaces (3.1.1)
    System.Reactive.Linq (3.1.1)
      System.Reactive.Core (>= 3.1.1)
    System.Reflection.Metadata (1.4.2)
      System.Collections.Immutable (>= 1.3.1)
